PATH
  remote: .
  specs:
    regular_expression (0.1.0)
      racc

GEM
  remote: https://rubygems.org/
  specs:
    crabstone (4.0.3)
      ffi
    ffi (1.15.3)
    fisk (2.0.0)
    graphviz (1.2.1)
      process-pipeline
    minitest (5.14.4)
    process-group (1.2.3)
      process-terminal (~> 0.2.0)
    process-pipeline (1.0.2)
      process-group
    process-terminal (0.2.0)
      ffi
    racc (1.5.2)
    rake (13.0.6)

PLATFORMS
  x86_64-darwin-19
  x86_64-linux

DEPENDENCIES
  crabstone
  fisk
  bundler
  graphviz
  minitest
  racc
  rake
  regular_expression!

BUNDLED WITH
   2.2.16
