GEM
  remote: https://rubygems.org/
  specs:
    crabstone (4.0.3)
      ffi
    ffi (1.15.3)
    fisk (2.0.0)
    graphviz (1.2.1)
      process-pipeline
    process-group (1.2.3)
      process-terminal (~> 0.2.0)
    process-pipeline (1.0.2)
      process-group
    process-terminal (0.2.0)
      ffi
    racc (1.5.2)
    rake (13.0.3)

PLATFORMS
  x86_64-darwin-19

DEPENDENCIES
  crabstone
  fisk
  graphviz
  racc
  rake

BUNDLED WITH
   2.2.16
