PATH
  remote: ..
  specs:
    regular_expression (0.1.0)
      fisk
      racc

GEM
  remote: https://rubygems.org/
  specs:
    diff-lcs (1.4.4)
    fisk (2.0.0)
    mustermann (1.1.1)
      ruby2_keywords (~> 0.0.1)
    racc (1.5.2)
    rack (2.2.3)
    rack-protection (2.1.0)
      rack
    rack-test (1.1.0)
      rack (>= 1.0, < 3)
    rspec-core (3.10.1)
      rspec-support (~> 3.10.0)
    rspec-expectations (3.10.1)
      diff-lcs (>= 1.2.0, < 2.0)
      rspec-support (~> 3.10.0)
    rspec-support (3.10.2)
    ruby2_keywords (0.0.5)
    sinatra (2.1.0)
      mustermann (~> 1.0)
      rack (~> 2.2)
      rack-protection (= 2.1.0)
      tilt (~> 2.0)
    tilt (2.0.10)

PLATFORMS
  universal-darwin-20

DEPENDENCIES
  rack-test
  regular_expression!
  rspec-core
  rspec-expectations
  sinatra

BUNDLED WITH
   2.2.21
