PATH
  remote: ..
  specs:
    regular_expression (0.1.0)
      fisk
      racc

GEM
  remote: https://rubygems.org/
  specs:
    docile (1.4.0)
    fisk (2.0.0)
    minitest (5.14.4)
    mustermann (1.1.1)
      ruby2_keywords (~> 0.0.1)
    racc (1.5.2)
    rack (2.2.3)
    rack-protection (2.1.0)
      rack
    rack-test (1.1.0)
      rack (>= 1.0, < 3)
    rake (13.0.6)
    ruby2_keywords (0.0.5)
    simplecov (0.21.2)
      docile (~> 1.1)
      simplecov-html (~> 0.11)
      simplecov_json_formatter (~> 0.1)
    simplecov-html (0.12.3)
    simplecov_json_formatter (0.1.3)
    sinatra (2.1.0)
      mustermann (~> 1.0)
      rack (~> 2.2)
      rack-protection (= 2.1.0)
      tilt (~> 2.0)
    tilt (2.0.10)

PLATFORMS
  universal-darwin-20
  x86_64-darwin-19
  x86_64-linux

DEPENDENCIES
  minitest
  rack-test
  rake
  regular_expression!
  simplecov
  sinatra

BUNDLED WITH
   2.2.24
